GIT
  remote: https://github.com/clayallsopp/formotion.git
  revision: b2f9edf443e5cef35973c634119cef3561e59b07
  specs:
    formotion (1.7)
      bubble-wrap (>= 1.4.0)
      motion-require (>= 0.1.0)

GIT
  remote: https://github.com/clearsightstudio/ProMotion.git
  revision: 07d728fe8d498754f8303cec6b45a3ebfd5f3d6d
  specs:
    ProMotion (1.2.0)
      methadone (~> 1.3.2)
      motion-require (~> 0.2.0)

GEM
  remote: https://rubygems.org/
  specs:
    ProMotion-formotion (0.1.4)
      ProMotion (>= 1.2.0)
      formotion (>= 1.7)
      motion-require (>= 0.2.0)
    activesupport (3.2.17)
      i18n (~> 0.6, >= 0.6.4)
      multi_json (~> 1.0)
    bubble-wrap (1.5.0)
    builder (3.2.2)
    cdq (0.1.8)
      motion-yaml
      ruby-xcdm (~> 0.0, >= 0.0.6)
    i18n (0.6.9)
    methadone (1.3.2)
      bundler
    motion-require (0.2.0)
    motion-yaml (1.2)
    multi_json (1.9.2)
    plist (3.1.0)
    ruby-xcdm (0.0.7)
      activesupport (~> 3.2)
      builder (~> 3.2)
      plist (~> 3.1)
    sugarcube (1.5.7)

PLATFORMS
  ruby

DEPENDENCIES
  ProMotion!
  ProMotion-formotion
  bubble-wrap
  cdq
  formotion!
  sugarcube
